GEM
  remote: http://rubygems.org/
  specs:
    bson (1.3.1)
    emk-sinatra-url-for (0.2.1)
      sinatra (>= 0.9.1.1)
    haml (3.1.1)
    mongo (1.3.1)
      bson (>= 1.3.1)
    rack (1.3.0)
    sinatra (1.2.6)
      rack (~> 1.1)
      tilt (>= 1.2.2, < 2.0)
    sinatra-static-assets (0.5.0)
      emk-sinatra-url-for (>= 0.2.1)
      rack (>= 1.0.0)
      sinatra (>= 0.9.1)
    tilt (1.3.2)

PLATFORMS
  ruby

DEPENDENCIES
  haml
  mongo
  sinatra
  sinatra-static-assets
